GEM
  remote: https://rubygems.org/
  specs:
    benchmark-ips (2.14.0)
    benchmark-memory (0.2.0)
      memory_profiler (~> 1)
    colorize (1.1.0)
    memory_profiler (1.0.2)

PLATFORMS
  arm64-darwin-23
  ruby

DEPENDENCIES
  benchmark-ips
  benchmark-memory
  colorize

BUNDLED WITH
   2.5.17
